PATH
  remote: .
  specs:
    ruby_flipper (0.0.3)

GEM
  remote: http://rubygems.org/
  specs:
    builder (3.0.0)
    ci_reporter (1.6.4)
      builder (>= 2.1.2)
    diff-lcs (1.1.2)
    mocha (0.9.12)
    rake (0.9.1)
    rspec (2.0.1)
      rspec-core (~> 2.0.1)
      rspec-expectations (~> 2.0.1)
      rspec-mocks (~> 2.0.1)
    rspec-core (2.0.1)
    rspec-expectations (2.0.1)
      diff-lcs (>= 1.1.2)
    rspec-mocks (2.0.1)
      rspec-core (~> 2.0.1)
      rspec-expectations (~> 2.0.1)

PLATFORMS
  java

DEPENDENCIES
  ci_reporter (~> 1.6.3)
  mocha (~> 0.9.10)
  rake
  rspec (~> 2.0.1)
  ruby_flipper!
